GIT
  remote: https://github.com/datamapper/devtools.git
  revision: f0395974dd2ba0552310921ddff83a1adb164e3d
  specs:
    devtools (0.0.1)

GIT
  remote: https://github.com/troessner/reek.git
  revision: 271f468d18c5dafc45d1ce7ed8554a39e20bc5af
  specs:
    reek (1.3.1)
      ruby2ruby (~> 2.0.2)
      ruby_parser (~> 3.1.1)
      sexp_processor

GEM
  remote: https://rubygems.org/
  specs:
    abstract_type (0.0.5)
      backports (~> 3.0, >= 3.0.3)
    activemodel (3.2.12)
      activesupport (= 3.2.12)
      builder (~> 3.0.0)
    activeresource (3.2.12)
      activemodel (= 3.2.12)
      activesupport (= 3.2.12)
    activesupport (3.2.12)
      i18n (~> 0.6)
      multi_json (~> 1.0)
    adamantium (0.0.7)
      backports (~> 3.0, >= 3.0.3)
      ice_nine (~> 0.7.0)
    backports (3.0.3)
    builder (3.0.4)
    coderay (1.0.9)
    descendants_tracker (0.0.1)
    diff-lcs (1.2.1)
    equalizer (0.0.5)
      adamantium (~> 0.0.6)
      backports (~> 3.0, >= 3.0.3)
    ffi (1.4.0)
    ffi-hunspell (0.2.6)
      ffi (~> 1.0)
    flay (2.1.0)
      ruby_parser (~> 3.0)
      sexp_processor (~> 4.0)
    flog (3.2.2)
      ruby_parser (~> 3.1, > 3.1.0)
      sexp_processor (~> 4.0)
    git (1.2.5)
    guard (1.6.2)
      listen (>= 0.6.0)
      lumberjack (>= 1.0.2)
      pry (>= 0.9.10)
      terminal-table (>= 1.4.3)
      thor (>= 0.14.6)
    guard-bundler (1.0.0)
      bundler (~> 1.0)
      guard (~> 1.1)
    guard-rspec (2.4.1)
      guard (>= 1.1)
      rspec (~> 2.11)
    hashie (1.2.0)
    i18n (0.6.4)
    ice_nine (0.7.0)
    inflecto (0.0.2)
    jeweler (1.8.4)
      bundler (~> 1.0)
      git (>= 1.2.5)
      rake
      rdoc
    json (1.7.7)
    kramdown (0.14.2)
    libnotify (0.8.0)
      ffi (>= 1.0.11)
    listen (0.7.3)
    lumberjack (1.0.2)
    method_source (0.8.1)
    metric_fu-roodi (2.2.1)
      ruby_parser
    multi_json (1.6.1)
    mutant (0.2.20)
      abstract_type (~> 0.0.3)
      adamantium (~> 0.0.7)
      backports (~> 3.0, >= 3.0.3)
      descendants_tracker (~> 0.0.1)
      diff-lcs (~> 1.2.1)
      equalizer (~> 0.0.5)
      ice_nine (~> 0.7.0)
      inflecto (~> 0.0.2)
      rspec (~> 2.13.0)
      to_source (~> 0.2.19)
    mutant-melbourne (2.0.3)
    pelusa (0.2.2)
    pry (0.9.12)
      coderay (~> 1.0.5)
      method_source (~> 0.8)
      slop (~> 3.4)
    rake (10.0.3)
    rb-fchange (0.0.6)
      ffi
    rb-fsevent (0.9.3)
    rb-inotify (0.9.0)
      ffi (>= 0.5.0)
    rb-notifu (0.0.4)
    rbench (0.2.3)
    rdoc (4.0.0)
      json (~> 1.4)
    rspec (2.13.0)
      rspec-core (~> 2.13.0)
      rspec-expectations (~> 2.13.0)
      rspec-mocks (~> 2.13.0)
    rspec-core (2.13.0)
    rspec-expectations (2.13.0)
      diff-lcs (>= 1.1.3, < 2.0)
    rspec-mocks (2.13.0)
    ruby2ruby (2.0.3)
      ruby_parser (~> 3.1)
      sexp_processor (~> 4.0)
    ruby_parser (3.1.1)
      sexp_processor (~> 4.1)
    sexp_processor (4.1.5)
    simplecov (0.7.1)
      multi_json (~> 1.0)
      simplecov-html (~> 0.7.1)
    simplecov-html (0.7.1)
    slop (3.4.3)
    terminal-notifier-guard (1.5.3)
    terminal-table (1.4.5)
    thor (0.17.0)
    to_source (0.2.20)
      abstract_type (~> 0.0.5)
      adamantium (~> 0.0.7)
      equalizer (~> 0.0.5)
      mutant-melbourne (~> 2.0.3)
    yard (0.8.5.2)
    yard-spellcheck (0.1.5)
      ffi-hunspell (~> 0.2)
      yard (~> 0.6)
    yardstick (0.9.4)
      backports (~> 3.0, >= 3.0.3)
      yard (~> 0.8.5)

PLATFORMS
  ruby

DEPENDENCIES
  activeresource (~> 3.0)
  activesupport (~> 3.0)
  devtools!
  flay (~> 2.1.0)
  flog (~> 3.2.2)
  guard (~> 1.6.2)
  guard-bundler (~> 1.0.0)
  guard-rspec (~> 2.4.1)
  hashie (~> 1.2)
  jeweler (~> 1.8)
  jruby-openssl (~> 0.8.2)
  kramdown (~> 0.14.2)
  libnotify (~> 0.8.0)
  listen (~> 0.7.3)
  metric_fu-roodi (~> 2.2.1)
  mutant (~> 0.2.20)
  pelusa (~> 0.2.2)
  rake (~> 10.0.3)
  rb-fchange (~> 0.0.6)
  rb-fsevent (~> 0.9.3)
  rb-inotify (~> 0.9.0)
  rb-notifu (~> 0.0.4)
  rbench (~> 0.2.3)
  reek (~> 1.3.1)!
  rspec (~> 2.13.0)
  simplecov (~> 0.7.1)
  terminal-notifier-guard (~> 1.5.3)
  yard (~> 0.8.5)
  yard-spellcheck (~> 0.1.5)
  yardstick (~> 0.9.4)
